GEM
  remote: https://rubygems.org/
  specs:
    puma (3.10.0)
    rack (2.0.8)

PLATFORMS
  ruby

DEPENDENCIES
  puma
  rack (>= 2.0.8)

BUNDLED WITH
   1.17.3
