GEM
  remote: https://rubygems.org/
  specs:
    puma (3.10.0)
    rack (2.2.2)

PLATFORMS
  ruby

DEPENDENCIES
  puma
  rack (>= 2.1.3)

BUNDLED WITH
   1.17.3
