GEM
  remote: https://rubygems.org/
  specs:
    nio4r (2.5.7)
    puma (5.3.1)
      nio4r (~> 2.0)
    rack (2.0.3)

PLATFORMS
  ruby

DEPENDENCIES
  puma (>= 4.3.8)
  rack

BUNDLED WITH
   1.17.3
