GEM
  remote: https://rubygems.org/
  specs:
    nio4r (2.5.2)
    puma (4.3.3)
      nio4r (~> 2.0)
    rack (2.0.3)

PLATFORMS
  ruby

DEPENDENCIES
  puma (>= 3.12.2)
  rack

BUNDLED WITH
   1.17.3
